GEM
  remote: http://rubygems.org/
  specs:
    RedCloth (4.2.9-java)
    awestruct (0.4.5)
      RedCloth (~> 4.2.9)
      bootstrap-sass (~> 2.0.1)
      coffee-script (~> 2.2.0)
      compass (~> 0.12.1)
      compass-960-plugin (~> 0.10.4)
      eventmachine (~> 1.0.0.beta.4)
      git (~> 1.2.5)
      haml (~> 3.1.4)
      hpricot (~> 0.8.6)
      json (~> 1.6.6)
      listen (~> 0.4.2)
      nokogiri (~> 1.5.2)
      org-ruby (~> 0.5.3)
      rdiscount (~> 1.6.8)
      sass (~> 3.1.15)
      thin (~> 1.3.1)
    bootstrap-sass (2.0.4.0)
    bouncy-castle-java (1.5.0146.1)
    chunky_png (1.2.5)
    coffee-script (2.2.0)
      coffee-script-source
      execjs
    coffee-script-source (1.3.3)
    compass (0.12.2)
      chunky_png (~> 1.2)
      fssm (>= 0.2.7)
      sass (~> 3.1)
    compass-960-plugin (0.10.4)
      compass (>= 0.10.0)
    daemons (1.1.8)
    eventmachine (1.0.0.rc.4-java)
    execjs (1.4.0)
      multi_json (~> 1.0)
    ffi (1.0.11-java)
    fssm (0.2.9)
    git (1.2.5)
    haml (3.1.6)
    hpricot (0.8.6-java)
    jruby-openssl (0.7.7)
      bouncy-castle-java (>= 1.5.0146.1)
    json (1.6.7-java)
    listen (0.4.7)
      rb-fchange (~> 0.0.5)
      rb-fsevent (~> 0.9.1)
      rb-inotify (~> 0.8.8)
    multi_json (1.3.6)
    nokogiri (1.5.5-java)
    org-ruby (0.5.3)
      rubypants (>= 0.2.0)
    rack (1.4.1)
    rb-fchange (0.0.5)
      ffi
    rb-fsevent (0.9.1)
    rb-inotify (0.8.8)
      ffi (>= 0.5.0)
    rdiscount (1.6.8)
    rubypants (0.2.0)
    sass (3.1.20)
    thin (1.3.1)
      daemons (>= 1.0.9)
      eventmachine (>= 0.12.6)
      rack (>= 1.0.0)
    tzinfo (0.3.33)

PLATFORMS
  java

DEPENDENCIES
  awestruct (= 0.4.5)
  jruby-openssl (= 0.7.7)
  rb-inotify (= 0.8.8)
  tzinfo (= 0.3.33)
